PATH
  remote: .
  specs:
    wordsmith (0.0.2)
      git
      kindlegen (~> 2.3)
      nokogiri (~> 1.5)
      sass (~> 3.1)

GEM
  remote: http://rubygems.org/
  specs:
    git (1.2.5)
    kindlegen (2.8.0)
      systemu
    nokogiri (1.5.9)
    rake (0.9.2.2)
    sass (3.2.7)
    systemu (2.5.2)
    test-unit (2.4.8)

PLATFORMS
  ruby

DEPENDENCIES
  rake
  test-unit
  wordsmith!
