PATH
  remote: .
  specs:
    wordsmith (0.0.6)
      git
      kindlegen (~> 2.3)
      nokogiri (~> 1.5)
      sass (~> 3.1)

GEM
  remote: http://rubygems.org/
  specs:
    git (1.2.6)
    kindlegen (2.8.0)
      systemu
    mini_portile (0.5.2)
    nokogiri (1.6.1)
      mini_portile (~> 0.5.0)
    rake (0.9.2.2)
    sass (3.2.13)
    systemu (2.6.0)
    test-unit (2.4.8)

PLATFORMS
  ruby

DEPENDENCIES
  rake
  test-unit
  wordsmith!
