PATH
  remote: .
  specs:
    wordsmith (0.0.1)
      kindlegen
      nokogiri

GEM
  remote: http://rubygems.org/
  specs:
    kindlegen (2.3.1)
      systemu
    nokogiri (1.5.2)
    rake (0.9.2.2)
    systemu (2.5.0)
    test-unit (2.4.8)

PLATFORMS
  ruby

DEPENDENCIES
  rake
  test-unit
  wordsmith!
